GEM
  remote: https://rubygems.org/
  specs:
    elasticsearch (1.0.17)
      elasticsearch-api (= 1.0.17)
      elasticsearch-transport (= 1.0.17)
    elasticsearch-api (1.0.17)
      multi_json
    elasticsearch-transport (1.0.17)
      faraday
      multi_json
    faraday (0.9.2)
      multipart-post (>= 1.2, < 3)
    multi_json (1.12.0)
    multipart-post (2.0.0)

PLATFORMS
  ruby

DEPENDENCIES
  elasticsearch (>= 1.0.6)
  elasticsearch-api (>= 1.0.6)
  elasticsearch-transport (>= 1.0.6)
  faraday (>= 0.8.0)
  multi_json (>= 1.9.0)

BUNDLED WITH
   1.12.3
